PATH
  remote: .
  specs:
    rb-inotify (0.9.5)
      ffi (>= 0.5.0)
      rb-inotify

GEM
  remote: https://rubygems.org/
  specs:
    coderay (1.1.0)
    countdownlatch (1.0.0)
    diff-lcs (1.2.5)
    ffi (1.9.5)
    ffi (1.9.5-java)
    method_source (0.8.2)
    pry (0.10.1)
      coderay (~> 1.1.0)
      method_source (~> 0.8.1)
      slop (~> 3.4)
    pry (0.10.1-java)
      coderay (~> 1.1.0)
      method_source (~> 0.8.1)
      slop (~> 3.4)
      spoon (~> 0.0)
    rspec (3.1.0)
      rspec-core (~> 3.1.0)
      rspec-expectations (~> 3.1.0)
      rspec-mocks (~> 3.1.0)
    rspec-core (3.1.5)
      rspec-support (~> 3.1.0)
    rspec-expectations (3.1.2)
      diff-lcs (>= 1.2.0, < 2.0)
      rspec-support (~> 3.1.0)
    rspec-mocks (3.1.2)
      rspec-support (~> 3.1.0)
    rspec-support (3.1.1)
    slop (3.6.0)
    spoon (0.0.4)
      ffi
    yard (0.8.7.4)

PLATFORMS
  java
  ruby

DEPENDENCIES
  countdownlatch (~> 1.0.0)
  pry (~> 0.10.0)
  rb-inotify!
  rspec (~> 3.1.0)
  yard (>= 0.4.0)
